GEM
  remote: https://rubygems.org/
  specs:
    hoe (3.13.0)
      rake (>= 0.8, < 11.0)
    rake (10.4.2)
    xml-simple (1.1.4)

PLATFORMS
  ruby

DEPENDENCIES
  hoe
  xml-simple
